GEM
  remote: https://rubygems.org/
  specs:
    actionmailer (4.2.3)
      actionpack (= 4.2.3)
      actionview (= 4.2.3)
      activejob (= 4.2.3)
      mail (~> 2.5, >= 2.5.4)
      rails-dom-testing (~> 1.0, >= 1.0.5)
    actionpack (4.2.3)
      actionview (= 4.2.3)
      activesupport (= 4.2.3)
      rack (~> 1.6)
      rack-test (~> 0.6.2)
      rails-dom-testing (~> 1.0, >= 1.0.5)
      rails-html-sanitizer (~> 1.0, >= 1.0.2)
    actionview (4.2.3)
      activesupport (= 4.2.3)
      builder (~> 3.1)
      erubis (~> 2.7.0)
      rails-dom-testing (~> 1.0, >= 1.0.5)
      rails-html-sanitizer (~> 1.0, >= 1.0.2)
    activejob (4.2.3)
      activesupport (= 4.2.3)
      globalid (>= 0.3.0)
    activemodel (4.2.3)
      activesupport (= 4.2.3)
      builder (~> 3.1)
    activerecord (4.2.3)
      activemodel (= 4.2.3)
      activesupport (= 4.2.3)
      arel (~> 6.0)
    activesupport (4.2.3)
      i18n (~> 0.7)
      json (~> 1.7, >= 1.7.7)
      minitest (~> 5.1)
      thread_safe (~> 0.3, >= 0.3.4)
      tzinfo (~> 1.1)
    arel (6.0.3)
    aws-sdk (2.1.14)
      aws-sdk-resources (= 2.1.14)
    aws-sdk-core (2.1.14)
      jmespath (~> 1.0)
    aws-sdk-resources (2.1.14)
      aws-sdk-core (= 2.1.14)
    binding_of_caller (0.7.2)
      debug_inspector (>= 0.0.1)
    builder (3.2.2)
    byebug (5.0.0)
      columnize (= 0.9.0)
    celluloid (0.17.1.1)
      bundler
      celluloid-essentials
      celluloid-extras
      celluloid-fsm
      celluloid-pool
      celluloid-supervision
      dotenv
      nenv
      rspec-logsplit (>= 0.1.2)
      timers (~> 4.0.0)
    celluloid-essentials (0.20.2)
      bundler
      dotenv
      nenv
      rspec-logsplit (>= 0.1.2)
      timers (~> 4.0.0)
    celluloid-extras (0.20.0)
      bundler
      dotenv
      nenv
      rspec-logsplit (>= 0.1.2)
      timers (~> 4.0.0)
    celluloid-fsm (0.20.0)
      bundler
      dotenv
      nenv
      rspec-logsplit (>= 0.1.2)
      timers (~> 4.0.0)
    celluloid-pool (0.20.0)
      bundler
      dotenv
      nenv
      rspec-logsplit (>= 0.1.2)
      timers (~> 4.0.0)
    celluloid-supervision (0.20.1)
      bundler
      dotenv
      nenv
      rspec-logsplit (>= 0.1.2)
      timers (~> 4.0.0)
    coffee-rails (4.1.0)
      coffee-script (>= 2.2.0)
      railties (>= 4.0.0, < 5.0)
    coffee-script (2.4.1)
      coffee-script-source
      execjs
    coffee-script-source (1.9.1.1)
    columnize (0.9.0)
    connection_pool (2.2.0)
    debug_inspector (0.0.2)
    diff-lcs (1.2.5)
    dotenv (2.0.2)
    dotenv-rails (2.0.2)
      dotenv (= 2.0.2)
      railties (~> 4.0)
    erubis (2.7.0)
    execjs (2.5.2)
    faraday (0.9.1)
      multipart-post (>= 1.2, < 3)
    foreman (0.78.0)
      thor (~> 0.19.1)
    globalid (0.3.6)
      activesupport (>= 4.1.0)
    hashie (3.4.2)
    hitimes (1.2.2)
    i18n (0.7.0)
    jbuilder (2.3.1)
      activesupport (>= 3.0.0, < 5)
      multi_json (~> 1.2)
    jmespath (1.0.2)
      multi_json (~> 1.0)
    jquery-rails (4.0.4)
      rails-dom-testing (~> 1.0)
      railties (>= 4.2.0)
      thor (>= 0.14, < 2.0)
    json (1.8.3)
    jwt (1.5.1)
    kgio (2.9.3)
    loofah (2.0.2)
      nokogiri (>= 1.5.9)
    mail (2.6.3)
      mime-types (>= 1.16, < 3)
    mime-types (2.6.1)
    mini_portile (0.6.2)
    minitest (5.8.0)
    multi_json (1.11.2)
    multi_xml (0.5.5)
    multipart-post (2.0.0)
    mysql2 (0.3.19)
    nenv (0.2.0)
    nokogiri (1.6.6.2)
      mini_portile (~> 0.6.0)
    oauth2 (1.0.0)
      faraday (>= 0.8, < 0.10)
      jwt (~> 1.0)
      multi_json (~> 1.3)
      multi_xml (~> 0.5)
      rack (~> 1.2)
    omniauth (1.2.2)
      hashie (>= 1.2, < 4)
      rack (~> 1.0)
    omniauth-google-oauth2 (0.2.6)
      omniauth (> 1.0)
      omniauth-oauth2 (~> 1.1)
    omniauth-oauth2 (1.3.1)
      oauth2 (~> 1.0)
      omniauth (~> 1.2)
    rack (1.6.4)
    rack-test (0.6.3)
      rack (>= 1.0)
    rails (4.2.3)
      actionmailer (= 4.2.3)
      actionpack (= 4.2.3)
      actionview (= 4.2.3)
      activejob (= 4.2.3)
      activemodel (= 4.2.3)
      activerecord (= 4.2.3)
      activesupport (= 4.2.3)
      bundler (>= 1.3.0, < 2.0)
      railties (= 4.2.3)
      sprockets-rails
    rails-deprecated_sanitizer (1.0.3)
      activesupport (>= 4.2.0.alpha)
    rails-dom-testing (1.0.6)
      activesupport (>= 4.2.0.beta, < 5.0)
      nokogiri (~> 1.6.0)
      rails-deprecated_sanitizer (>= 1.0.1)
    rails-html-sanitizer (1.0.2)
      loofah (~> 2.0)
    railties (4.2.3)
      actionpack (= 4.2.3)
      activesupport (= 4.2.3)
      rake (>= 0.8.7)
      thor (>= 0.18.1, < 2.0)
    raindrops (0.15.0)
    rake (10.4.2)
    rdoc (4.2.0)
    redis (3.2.1)
    redis-namespace (1.5.2)
      redis (~> 3.0, >= 3.0.4)
    revision_plate (0.1.2)
      rack
    rspec-core (3.3.2)
      rspec-support (~> 3.3.0)
    rspec-expectations (3.3.1)
      diff-lcs (>= 1.2.0, < 2.0)
      rspec-support (~> 3.3.0)
    rspec-logsplit (0.1.3)
    rspec-mocks (3.3.2)
      diff-lcs (>= 1.2.0, < 2.0)
      rspec-support (~> 3.3.0)
    rspec-rails (3.3.3)
      actionpack (>= 3.0, < 4.3)
      activesupport (>= 3.0, < 4.3)
      railties (>= 3.0, < 4.3)
      rspec-core (~> 3.3.0)
      rspec-expectations (~> 3.3.0)
      rspec-mocks (~> 3.3.0)
      rspec-support (~> 3.3.0)
    rspec-support (3.3.0)
    sass (3.4.16)
    sass-rails (5.0.3)
      railties (>= 4.0.0, < 5.0)
      sass (~> 3.1)
      sprockets (>= 2.8, < 4.0)
      sprockets-rails (>= 2.0, < 4.0)
      tilt (~> 1.1)
    sdoc (0.4.1)
      json (~> 1.7, >= 1.7.7)
      rdoc (~> 4.0)
    sidekiq (3.3.4)
      celluloid (>= 0.16.0)
      connection_pool (>= 2.1.1)
      json
      redis (>= 3.0.6)
      redis-namespace (>= 1.3.1)
    spring (1.3.6)
    sprockets (3.3.0)
      rack (~> 1.0)
    sprockets-rails (2.3.2)
      actionpack (>= 3.0)
      activesupport (>= 3.0)
      sprockets (>= 2.8, < 4.0)
    thor (0.19.1)
    thread_safe (0.3.5)
    tilt (1.4.1)
    timers (4.0.1)
      hitimes
    turbolinks (2.5.3)
      coffee-rails
    tzinfo (1.2.2)
      thread_safe (~> 0.1)
    uglifier (2.7.1)
      execjs (>= 0.3.0)
      json (>= 1.8.0)
    unicorn (4.9.0)
      kgio (~> 2.6)
      rack
      raindrops (~> 0.7)
    web-console (2.2.1)
      activemodel (>= 4.0)
      binding_of_caller (>= 0.7.2)
      railties (>= 4.0)
      sprockets-rails (>= 2.0, < 4.0)

PLATFORMS
  ruby

DEPENDENCIES
  aws-sdk (~> 2)
  byebug
  coffee-rails (~> 4.1.0)
  dotenv-rails
  faraday
  foreman
  jbuilder (~> 2.0)
  jquery-rails
  mysql2
  omniauth-google-oauth2
  rails (= 4.2.3)
  revision_plate
  rspec-rails (~> 3.0)
  sass-rails (~> 5.0)
  sdoc (~> 0.4.0)
  sidekiq (~> 3.3.4)
  spring
  turbolinks
  uglifier (>= 1.3.0)
  unicorn
  web-console (~> 2.0)

BUNDLED WITH
   1.10.6
